GEM
  remote: https://rubygems.org/
  specs:
    backports (3.6.0)
    bootstrap-sass (3.1.1.1)
      sass (~> 3.2)
    chunky_png (1.3.1)
    coderay (1.1.0)
    compass (0.12.7)
      chunky_png (~> 1.2)
      fssm (>= 0.2.7)
      sass (~> 3.2.19)
    fssm (0.2.10)
    haml (4.0.5)
      tilt
    method_source (0.8.2)
    multi_json (1.10.1)
    multi_xml (0.5.5)
    pry (0.10.0)
      coderay (~> 1.1.0)
      method_source (~> 0.8.1)
      slop (~> 3.4)
    rack (1.5.2)
    rack-protection (1.5.2)
      rack
    rack-test (0.6.2)
      rack (>= 1.0)
    sass (3.2.19)
    sinatra (1.4.4)
      rack (~> 1.4)
      rack-protection (~> 1.4)
      tilt (~> 1.3, >= 1.3.4)
    sinatra-contrib (1.4.2)
      backports (>= 2.0)
      multi_json
      rack-protection
      rack-test
      sinatra (~> 1.4.0)
      tilt (~> 1.3)
    slop (3.6.0)
    tilt (1.4.1)

PLATFORMS
  ruby

DEPENDENCIES
  bootstrap-sass
  compass
  haml
  multi_xml
  pry
  sass
  sinatra
  sinatra-contrib
